GEM
  remote: https://rubygems.org/
  specs:
    activemodel (3.2.13)
      activesupport (= 3.2.13)
      builder (~> 3.0.0)
    activerecord (3.2.13)
      activemodel (= 3.2.13)
      activesupport (= 3.2.13)
      arel (~> 3.0.2)
      tzinfo (~> 0.3.29)
    activesupport (3.2.13)
      i18n (= 0.6.1)
      multi_json (~> 1.0)
    arel (3.0.2)
    builder (3.0.4)
    celluloid (0.14.1)
      timers (>= 1.0.0)
    celluloid-io (0.14.1)
      celluloid (>= 0.14.1)
      nio4r (>= 0.4.5)
    celluloid-zmq (0.14.0)
      celluloid (>= 0.13.0)
      ffi
      ffi-rzmq
    certified (0.1.1)
    columnize (0.3.6)
    dcell (0.14.0)
      celluloid (>= 0.13.0)
      celluloid-zmq (>= 0.13.0)
      redis
      redis-namespace
      reel
    debugger (1.6.0)
      columnize (>= 0.3.1)
      debugger-linecache (~> 1.2.0)
      debugger-ruby_core_source (~> 1.2.1)
    debugger-linecache (1.2.0)
    debugger-ruby_core_source (1.2.2)
    ffi (1.9.0)
    ffi-rzmq (1.0.1)
      ffi
    http (0.4.0)
      certified
      http_parser.rb
    http_parser.rb (0.5.3)
    i18n (0.6.1)
    msgpack (0.5.5)
    multi_json (1.7.7)
    nio4r (0.4.6)
    rack (1.5.2)
    redis (3.0.4)
    redis-namespace (1.3.0)
      redis (~> 3.0.0)
    reel (0.3.0)
      celluloid-io (>= 0.8.0)
      http (>= 0.2.0)
      http_parser.rb (>= 0.5.3)
      rack (>= 1.4.0)
      websocket_parser (>= 0.1.0)
    sqlite3 (1.3.7)
    timers (1.1.0)
    tzinfo (0.3.37)
    websocket_parser (0.1.4)
      http

PLATFORMS
  ruby

DEPENDENCIES
  activerecord (~> 3.2.13)
  dcell (~> 0.14.0)
  debugger (~> 1.6.0)
  msgpack (~> 0.5.5)
  sqlite3 (~> 1.3.7)
